GIT
  remote: git://github.com/nmerouze/machinist_mongo.git
  revision: fa4819c4e1233a4e3ce527b68af8aeee85dfc6c3
  branch: machinist2
  specs:
    machinist_mongo (2.0.0.beta.1)
      machinist (~> 2.0.0.beta2)

GIT
  remote: https://github.com/shingara/mongoid-rspec.git
  revision: 3c9c68c3b9a82915f839dac8d3974e3a58f82ac6
  branch: mongoid-2.0.0.rc1
  specs:
    mongoid-rspec (1.3.2)
      rspec (~> 2)
      rspec (~> 2)
      rspec (~> 2)

GEM
  remote: http://gemcutter.org/
  specs:
    ZenTest (4.5.0)
    abstract (1.0.0)
    actionmailer (3.0.5)
      actionpack (= 3.0.5)
      mail (~> 2.2.15)
    actionpack (3.0.5)
      activemodel (= 3.0.5)
      activesupport (= 3.0.5)
      builder (~> 2.1.2)
      erubis (~> 2.6.6)
      i18n (~> 0.4)
      rack (~> 1.2.1)
      rack-mount (~> 0.6.13)
      rack-test (~> 0.5.7)
      tzinfo (~> 0.3.23)
    activemodel (3.0.5)
      activesupport (= 3.0.5)
      builder (~> 2.1.2)
      i18n (~> 0.4)
    activerecord (3.0.5)
      activemodel (= 3.0.5)
      activesupport (= 3.0.5)
      arel (~> 2.0.2)
      tzinfo (~> 0.3.23)
    activeresource (3.0.5)
      activemodel (= 3.0.5)
      activesupport (= 3.0.5)
    activesupport (3.0.5)
    addressable (2.2.4)
    arel (2.0.9)
    autotest (4.4.6)
      ZenTest (>= 4.4.1)
    autotest-growl (0.2.9)
    autotest-rails (4.1.0)
      ZenTest
    bcrypt-ruby (2.1.4)
    bson (1.2.4)
    bson_ext (1.2.4)
    builder (2.1.2)
    capybara (0.4.1.2)
      celerity (>= 0.7.9)
      culerity (>= 0.2.4)
      mime-types (>= 1.16)
      nokogiri (>= 1.3.3)
      rack (>= 1.0.0)
      rack-test (>= 0.5.4)
      selenium-webdriver (>= 0.0.27)
      xpath (~> 0.1.3)
    celerity (0.8.9)
    childprocess (0.1.8)
      ffi (~> 1.0.6)
    configuration (1.2.0)
    culerity (0.2.15)
    devise (1.2.1)
      bcrypt-ruby (~> 2.1.2)
      orm_adapter (~> 0.0.3)
      warden (~> 1.0.3)
    diff-lcs (1.1.2)
    dynamic_form (1.1.3)
    em-http-request (0.3.0)
      addressable (>= 2.0.0)
      escape_utils
      eventmachine (>= 0.12.9)
    em-websocket (0.2.1)
      addressable (>= 2.1.1)
      eventmachine (>= 0.12.9)
    erubis (2.6.6)
      abstract (>= 1.0.0)
    escape_utils (0.2.3)
    eventmachine (0.12.10)
    ffi (1.0.7)
      rake (>= 0.8.7)
    gravatarify (2.2.2)
    i18n (0.5.0)
    json (1.5.1)
    json_pure (1.5.1)
    kaminari (0.10.4)
      rails (>= 3.0.0)
    kgio (2.3.3)
    launchy (0.4.0)
      configuration (>= 0.0.5)
      rake (>= 0.8.1)
    machinist (2.0.0.beta2)
    mail (2.2.15)
      activesupport (>= 2.3.6)
      i18n (>= 0.4.0)
      mime-types (~> 1.16)
      treetop (~> 1.4.8)
    mime-types (1.16)
    mongo (1.2.4)
      bson (>= 1.2.4)
    mongoid (2.0.0)
      activemodel (~> 3.0)
      mongo (~> 1.2)
      tzinfo (~> 0.3.22)
      will_paginate (~> 3.0.pre)
    nokogiri (1.4.4)
    orm_adapter (0.0.4)
    polyglot (0.3.1)
    rack (1.2.2)
    rack-mount (0.6.14)
      rack (>= 1.0.0)
    rack-test (0.5.7)
      rack (>= 1.0)
    rails (3.0.5)
      actionmailer (= 3.0.5)
      actionpack (= 3.0.5)
      activerecord (= 3.0.5)
      activeresource (= 3.0.5)
      activesupport (= 3.0.5)
      bundler (~> 1.0)
      railties (= 3.0.5)
    railties (3.0.5)
      actionpack (= 3.0.5)
      activesupport (= 3.0.5)
      rake (>= 0.8.7)
      thor (~> 0.14.4)
    rake (0.8.7)
    rspec (2.5.0)
      rspec-core (~> 2.5.0)
      rspec-expectations (~> 2.5.0)
      rspec-mocks (~> 2.5.0)
    rspec-core (2.5.1)
    rspec-expectations (2.5.0)
      diff-lcs (~> 1.1.2)
    rspec-mocks (2.5.0)
    rspec-rails (2.5.0)
      actionpack (~> 3.0)
      activesupport (~> 3.0)
      railties (~> 3.0)
      rspec (~> 2.5.0)
    ruby-graphviz (0.9.21)
    rubyzip (0.9.4)
    selenium-webdriver (0.1.4)
      childprocess (>= 0.1.7)
      ffi (>= 1.0.7)
      json_pure
      rubyzip
    simplecov (0.4.2)
      simplecov-html (~> 0.4.4)
    simplecov-html (0.4.4)
    socky-client (0.4.3)
      json
    socky-client-rails (0.4.3)
      socky-client (~> 0.4.2)
    socky-server (0.4.0)
      em-http-request
      em-websocket (>= 0.1.4)
      json
    steak (1.1.0)
      rspec (>= 1.3)
    thor (0.14.6)
    treetop (1.4.9)
      polyglot (>= 0.3.1)
    tzinfo (0.3.25)
    unicorn (3.5.0)
      kgio (~> 2.3)
      rack
    warden (1.0.3)
      rack (>= 1.0.0)
    will_paginate (3.0.pre2)
    xpath (0.1.3)
      nokogiri (~> 1.3)

PLATFORMS
  ruby

DEPENDENCIES
  ZenTest
  autotest
  autotest-growl
  autotest-rails
  bson_ext (>= 1.2.4)
  capybara (~> 0.4.1.2)
  devise (>= 1.2.1)
  dynamic_form
  escape_utils
  gravatarify (~> 2.2.2)
  kaminari
  launchy (>= 0.4.0)
  machinist_mongo!
  mongoid (~> 2.0.0)
  mongoid-rspec!
  rails (= 3.0.5)
  rspec (>= 2.5.0)
  rspec-rails (~> 2.5.0)
  ruby-graphviz
  simplecov (>= 0.4.2)
  socky-client-rails (>= 0.4.3)
  socky-server (>= 0.4.0)
  steak (~> 1.1.0)
  unicorn
